{
  "AcquisitionMatrixPE": 186,
  "AcquisitionNumber": 1,
  "AcquisitionTime": "12:40:3.135000",
  "BandwidthPerPixelPhaseEncode": 19.912,
  "BaseResolution": 186,
  "ConversionSoftware": "dcm2niix",
  "ConversionSoftwareVersion": "v1.0.20171017 GCC6.3.0",
  "DerivedVendorReportedEchoSpacing": 0.000810016,
  "DeviceSerialNumber": "18001",
  "DwellTime": 1.9e-06,
  "EchoTime": 0.022,
  "EffectiveEchoSpacing": 0.000270005,
  "FlipAngle": 90,
  "ImageOrientationPatientDICOM": [1, 0, 0, 0, 1, 0],
  "ImageType": [
    "ORIGINAL",
    "PRIMARY",
    "M",
    "ND",
    "MOSAIC"
],
  "InPlanePhaseEncodingDirectionDICOM": "COL",
  "InstitutionAddress": "13_St_149_Charlestown_Massachusetts_US_02129",
  "InstitutionName": "MGH_7T",
  "InstitutionalDepartmentName": "MGH_NMR_Center",
  "InversionTime": 0.0136,
  "MRAcquisitionType": "2D",
  "MagneticFieldStrength": 6.98,
  "Manufacturer": "Siemens",
  "ManufacturersModelName": "Investigational_Device_7T",
  "Modality": "MR",
  "ParallelReductionFactorInPlane": 3,
  "PartialFourier": 0.75,
  "PatientPosition": "HFS",
  "PercentPhaseFOV": 100,
  "PhaseEncodingDirection": "j-",
  "PhaseEncodingSteps": 141,
  "PhaseResolution": 1,
  "PixelBandwidth": 1415,
  "ProcedureStepDescription": "INVESTIGATORS_JCHOI",
  "ProtocolName": "T1_EPI_1p1iso_axi_R3",
  "PulseSequenceDetails": "%CustomerSeq%/twitzel_ep2d_msfleetvir",
  "ReceiveCoilName": "7T31ChHeadSG",
  "ReconMatrixPE": 186,
  "RepetitionTime": 8.52,
  "SAR": 0.262354,
  "ScanOptions": "IR_PFP_FS",
  "ScanningSequence": "EP_IR",
  "SequenceName": "epvir2d1_192",
  "SequenceVariant": "SK_SP_MP",
  "SeriesDescription": "T1_EPI_1p1iso_axi_R3",
  "SeriesNumber": 7,
  "ShimSetting": [-243, -335, 551, 60, 148, -339, -356, -291],
  "SliceThickness": 1.1,
  "SliceTiming": [4.5025, 0, 4.5725, 0.0925, 4.6425, 0.1625, 4.715, 0.235, 4.785, 0.305, 4.8575, 0.3775, 4.9275, 0.4475, 5, 0.52, 5.07, 0.59, 5.1425, 0.66, 5.2125, 0.7325, 5.2825, 0.8025, 5.355, 0.875, 5.425, 0.945, 5.4975, 1.0175, 5.5675, 1.0875, 5.64, 1.16, 5.71, 1.23, 5.7825, 1.3, 5.8525, 1.3725, 5.9225, 1.4425, 5.995, 1.515, 6.065, 1.585, 6.1375, 1.6575, 6.2075, 1.7275, 6.28, 1.8, 6.35, 1.87, 6.4225, 1.94, 6.4925, 2.0125, 6.5625, 2.0825, 6.635, 2.155, 6.705, 2.225, 6.7775, 2.2975, 6.8475, 2.3675, 6.92, 2.44, 6.99, 2.51, 7.0625, 2.5825, 7.1325, 2.6525, 7.2025, 2.7225, 7.275, 2.795, 7.345, 2.865, 7.4175, 2.9375, 7.4875, 3.0075, 7.56, 3.08, 7.63, 3.15, 7.7025, 3.2225, 7.7725, 3.2925, 7.8425, 3.3625, 7.915, 3.435, 7.985, 3.505, 8.0575, 3.5775, 8.1275, 3.6475, 8.2, 3.72, 8.27, 3.79, 8.3425, 3.8625, 8.4125, 3.9325, 8.485, 4.0025, 8.555, 4.075, 8.625, 4.145, 8.6975, 4.2175, 8.7675, 4.2875, 8.84, 4.36, 8.91, 4.43],
  "SoftwareVersions": "syngo_MR_B17",
  "SpacingBetweenSlices": 1.1,
  "StationName": "BAY5OC",
  "TotalReadoutTime": 0.049951,
  "TxRefAmp": 430,
  "VendorReportedEchoSpacing": 0.00081}