{
    "AcquisitionDuration": 129.37,
    "AcquisitionMatrixPE": 92,
    "AcquisitionNumber": 1,
    "AcquisitionTime": "14:00:20.220000",
    "BaseResolution": 92,
    "BodyPartExamined": "BRAIN",
    "CoilCombinationMethod": "Sum of Squares",
    "CoilString": "HeadNeck_64",
    "ConversionSoftware": "dcm2niix",
    "ConversionSoftwareVersion": "v1.0.20220720",
    "DeviceSerialNumber": "66054",
    "DwellTime": 9.1e-06,
    "EchoNumber": 1,
    "EchoTime": 0.00492,
    "FlipAngle": 60,
    "HeudiconvVersion": "0.11.6",
    "ImageOrientationPatientDICOM": [
        0.99955,
        0.00596918,
        0.0293951,
        -6.16882e-10,
        0.979998,
        -0.199006
    ],
    "ImageType": [
        "ORIGINAL",
        "PRIMARY",
        "M",
        "NONE"
    ],
    "ImageTypeText": [
        "ORIGINAL",
        "PRIMARY",
        "M",
        "DIS2D"
    ],
    "ImagingFrequency": 123.226,
    "InPlanePhaseEncodingDirectionDICOM": "ROW",
    "InstitutionAddress": "Chemin des Mines 9,Geneve,District,CH,1211",
    "InstitutionName": "Fondation Campus Biotech Geneva",
    "IntendedFor": [
        "bids::sub-pp006/ses-01/func/sub-pp006_ses-01_task-aliceloc_run-001_bold.nii.gz",
        "bids::sub-pp006/ses-01/func/sub-pp006_ses-01_task-aliceloc_run-002_bold.nii.gz",
        "bids::sub-pp006/ses-01/func/sub-pp006_ses-01_task-aliceloc_run-003_bold.nii.gz",
        "bids::sub-pp006/ses-01/func/sub-pp006_ses-01_task-rest_run-001_bold.nii.gz"
    ],
    "MRAcquisitionType": "2D",
    "MTState": false,
    "MagneticFieldStrength": 3,
    "Manufacturer": "Siemens",
    "ManufacturersModelName": "MAGNETOM Prisma",
    "MatrixCoilMode": "SENSE",
    "Modality": "MR",
    "NonlinearGradientCorrection": true,
    "PartialFourier": 1,
    "PatientPosition": "HFS",
    "PercentPhaseFOV": 100,
    "PercentSampling": 100,
    "PhaseEncodingDirection": "i",
    "PhaseResolution": 1,
    "PixelBandwidth": 597,
    "ProcedureStepDescription": "N.Golestani Al_Ir",
    "ProtocolName": "fmap_fid-alpha",
    "PulseSequenceDetails": "%SiemensSeq%\\gre_field_mapping",
    "PulseSequenceName": "*fm2d2r",
    "ReceiveCoilActiveElements": "HC1-7",
    "ReceiveCoilName": "HeadNeck_64",
    "ReconMatrixPE": 92,
    "RepetitionTime": 0.707,
    "ScanningSequence": "GR",
    "SequenceVariant": "SP",
    "SeriesDescription": "fmap_fid-alpha",
    "SeriesNumber": 33,
    "ShimSetting": [
        -1278,
        -11647,
        6391,
        479,
        276,
        -129,
        -44,
        79
    ],
    "SliceThickness": 2,
    "SliceTiming": [
        0.355,
        0,
        0.3625,
        0.01,
        0.3725,
        0.02,
        0.3825,
        0.03,
        0.3925,
        0.04,
        0.4025,
        0.05,
        0.4125,
        0.06,
        0.4225,
        0.07,
        0.4325,
        0.08,
        0.4425,
        0.09,
        0.4525,
        0.0975,
        0.4625,
        0.1075,
        0.4725,
        0.1175,
        0.4825,
        0.1275,
        0.49,
        0.1375,
        0.5,
        0.1475,
        0.51,
        0.1575,
        0.52,
        0.1675,
        0.53,
        0.1775,
        0.54,
        0.1875,
        0.55,
        0.1975,
        0.56,
        0.2075,
        0.57,
        0.2175,
        0.58,
        0.225,
        0.59,
        0.235,
        0.6,
        0.245,
        0.61,
        0.255,
        0.6175,
        0.265,
        0.6275,
        0.275,
        0.6375,
        0.285,
        0.6475,
        0.295,
        0.6575,
        0.305,
        0.6675,
        0.315,
        0.6775,
        0.325,
        0.6875,
        0.335,
        0.6975,
        0.345
    ],
    "SoftwareVersions": "syngo MR XA30",
    "SpacingBetweenSlices": 2,
    "StationName": "AWP66054",
    "TxRefAmp": 222.97
}