{
  "AcquisitionMatrixPE": 186,
  "AcquisitionNumber": 1,
  "AcquisitionTime": "11:04:25.577500",
  "BandwidthPerPixelPhaseEncode": 19.912,
  "BaseResolution": 186,
  "ConversionSoftware": "dcm2niix",
  "ConversionSoftwareVersion": "v1.0.20171017 GCC6.3.0",
  "DerivedVendorReportedEchoSpacing": 0.000810016,
  "DeviceSerialNumber": "18001",
  "DwellTime": 1.9e-06,
  "EchoTime": 0.028,
  "EffectiveEchoSpacing": 0.000270005,
  "FlipAngle": 75,
  "ImageOrientationPatientDICOM": [1, 0, 0, 0, 1, 0],
  "ImageType": [
    "ORIGINAL",
    "PRIMARY",
    "M",
    "ND",
    "MOSAIC"
],
  "InPlanePhaseEncodingDirectionDICOM": "COL",
  "InstitutionAddress": "13_St_149_Charlestown_Massachusetts_US_02129",
  "InstitutionName": "Martinos_Center_7T_Classic",
  "InstitutionalDepartmentName": "MGH_NMR_Center",
  "MRAcquisitionType": "2D",
  "MagneticFieldStrength": 6.98,
  "Manufacturer": "Siemens",
  "ManufacturersModelName": "Investigational_Device_7T",
  "Modality": "MR",
  "ParallelReductionFactorInPlane": 3,
  "PartialFourier": 0.875,
  "PatientPosition": "HFS",
  "PercentPhaseFOV": 100,
  "PhaseEncodingDirection": "j-",
  "PhaseEncodingSteps": 164,
  "PhaseResolution": 1,
  "PixelBandwidth": 1415,
  "ProcedureStepDescription": "INVESTIGATORS_JCHOI",
  "ProtocolName": "RS_ep2d_bold_1p1mmISO_ax_fleet",
  "PulseSequenceDetails": "%CustomerSeq%/jonp_ep2d_bold_mse_patref_SliceAcc_ver6",
  "ReceiveCoilName": "7T31ChHeadSG",
  "ReconMatrixPE": 186,
  "RepetitionTime": 2.34,
  "SAR": 0.170054,
  "ScanOptions": "PFP",
  "ScanningSequence": "EP",
  "SequenceName": "epfid2d1_186",
  "SequenceVariant": "SK",
  "SeriesDescription": "RS_ep2d_bold_1p1mmISO_ax_fleet",
  "SeriesNumber": 9,
  "ShimSetting": [-229, -309, 423, 17, 18, -486, -223, -242],
  "SliceThickness": 1.1,
  "SliceTiming": [
        0,
        1.2025,
        0.0575,
        1.26,
        0.115,
        1.3175,
        0.1725,
        1.375,
        0.23,
        1.4325,
        0.2875,
        1.4875,
        0.3425,
        1.545,
        0.4,
        1.6025,
        0.4575,
        1.66,
        0.515,
        1.7175,
        0.5725,
        1.775,
        0.63,
        1.8325,
        0.6875,
        1.89,
        0.745,
        1.9475,
        0.8025,
        2.005,
        0.86,
        2.06,
        0.915,
        2.1175,
        0.9725,
        2.175,
        1.03,
        2.2325,
        1.0875,
        2.29,
        1.145,
        0,
        1.2025,
        0.0575,
        1.26,
        0.115,
        1.3175,
        0.1725,
        1.375,
        0.23,
        1.4325,
        0.2875,
        1.4875,
        0.3425,
        1.545,
        0.4,
        1.6025,
        0.4575,
        1.66,
        0.515,
        1.7175,
        0.5725,
        1.775,
        0.63,
        1.8325,
        0.6875,
        1.89,
        0.745,
        1.9475,
        0.8025,
        2.005,
        0.86,
        2.06,
        0.915,
        2.1175,
        0.9725,
        2.175,
        1.03,
        2.2325,
        1.0875,
        2.29,
        1.145,
        0,
        1.2025,
        0.0575,
        1.26,
        0.115,
        1.3175,
        0.1725,
        1.375,
        0.23,
        1.4325,
        0.2875,
        1.4875,
        0.3425,
        1.545,
        0.4,
        1.6025,
        0.4575,
        1.66,
        0.515,
        1.7175,
        0.5725,
        1.775,
        0.63,
        1.8325,
        0.6875,
        1.89,
        0.745,
        1.9475,
        0.8025,
        2.005,
        0.86,
        2.06,
        0.915,
        2.1175,
        0.9725,
        2.175,
        1.03,
        2.2325,
        1.0875,
        2.29,
        1.145
    ],
  "SoftwareVersions": "syngo_MR_B17",
  "SpacingBetweenSlices": 1.1,
  "StationName": "BAY5OC",
  "TaskName": "rest",
  "TotalReadoutTime": 0.049951,
  "TxRefAmp": 400,
  "VendorReportedEchoSpacing": 0.00081}
