{
    "AcquisitionMatrixPE": 186, 
    "AcquisitionNumber": 1, 
    "AcquisitionTime": "12:16:14.607500", 
    "BandwidthPerPixelPhaseEncode": 19.912, 
    "BaseResolution": 186, 
    "ConversionSoftware": "dcm2niix", 
    "ConversionSoftwareVersion": "v1.0.20171017 GCC6.3.0", 
    "DerivedVendorReportedEchoSpacing": 0.000810016, 
    "DeviceSerialNumber": "18001", 
    "DwellTime": 1.9e-06, 
    "EchoTime": 0.028, 
    "EffectiveEchoSpacing": 0.000270005, 
    "FlipAngle": 75, 
    "ImageOrientationPatientDICOM": [
        1, 
        0, 
        0, 
        0, 
        1, 
        0
    ], 
    "ImageType": [
        "ORIGINAL", 
        "PRIMARY", 
        "M", 
        "ND", 
        "MOSAIC"
    ], 
    "InPlanePhaseEncodingDirectionDICOM": "COL", 
    "InstitutionAddress": "13_St_149_Charlestown_Massachusetts_US_02129", 
    "InstitutionName": "MGH_7T", 
    "InstitutionalDepartmentName": "MGH_NMR_Center", 
    "MRAcquisitionType": "2D", 
    "MagneticFieldStrength": 6.98, 
    "Manufacturer": "Siemens", 
    "ManufacturersModelName": "Investigational_Device_7T", 
    "Modality": "MR", 
    "MultibandAccelerationFactor": 3, 
    "ParallelReductionFactorInPlane": 3, 
    "PartialFourier": 0.875, 
    "PatientPosition": "HFS", 
    "PercentPhaseFOV": 100, 
    "PhaseEncodingDirection": "j-", 
    "PhaseEncodingSteps": 164, 
    "PhaseResolution": 1, 
    "PixelBandwidth": 1415, 
    "ProcedureStepDescription": "INVESTIGATORS_JCHOI", 
    "ProtocolName": "RS_ep2d_bold_1p1mmISO_ax_fleet", 
    "PulseSequenceDetails": "%CustomerSeq%/jonp_ep2d_bold_mse_patref_SliceAcc_ver6", 
    "ReceiveCoilName": "7T31ChHeadSG", 
    "ReconMatrixPE": 186, 
    "RepetitionTime": 2.34, 
    "SAR": 0.153385, 
    "ScanOptions": "PFP", 
    "ScanningSequence": "EP", 
    "SequenceName": "epfid2d1_186", 
    "SequenceVariant": "SK", 
    "SeriesDescription": "RS_ep2d_bold_1p1mmISO_ax_fleet", 
    "SeriesNumber": 10, 
    "ShimSetting": [
        -176, 
        -332, 
        621, 
        -19, 
        17, 
        -52, 
        -435, 
        -269
    ], 
    "SliceThickness": 1.1, 
    "SliceTiming": [
        0, 
        1.2025, 
        0.0575, 
        1.26, 
        0.115, 
        1.315, 
        0.17, 
        1.3725, 
        0.2275, 
        1.43, 
        0.285, 
        1.4875, 
        0.3425, 
        1.545, 
        0.4, 
        1.6025, 
        0.4575, 
        1.66, 
        0.515, 
        1.7175, 
        0.5725, 
        1.775, 
        0.63, 
        1.8325, 
        0.6875, 
        1.8875, 
        0.7425, 
        1.945, 
        0.8, 
        2.0025, 
        0.8575, 
        2.06, 
        0.915, 
        2.1175, 
        0.9725, 
        2.175, 
        1.03, 
        2.2325, 
        1.0875, 
        2.29, 
        1.145, 
        0, 
        1.2025, 
        0.0575, 
        1.26, 
        0.115, 
        1.315, 
        0.17, 
        1.3725, 
        0.2275, 
        1.43, 
        0.285, 
        1.4875, 
        0.3425, 
        1.545, 
        0.4, 
        1.6025, 
        0.4575, 
        1.66, 
        0.515, 
        1.7175, 
        0.5725, 
        1.775, 
        0.63, 
        1.8325, 
        0.6875, 
        1.8875, 
        0.7425, 
        1.945, 
        0.8, 
        2.0025, 
        0.8575, 
        2.06, 
        0.915, 
        2.1175, 
        0.9725, 
        2.175, 
        1.03, 
        2.2325, 
        1.0875, 
        2.29, 
        1.145, 
        0, 
        1.2025, 
        0.0575, 
        1.26, 
        0.115, 
        1.315, 
        0.17, 
        1.3725, 
        0.2275, 
        1.43, 
        0.285, 
        1.4875, 
        0.3425, 
        1.545, 
        0.4, 
        1.6025, 
        0.4575, 
        1.66, 
        0.515, 
        1.7175, 
        0.5725, 
        1.775, 
        0.63, 
        1.8325, 
        0.6875, 
        1.8875, 
        0.7425, 
        1.945, 
        0.8, 
        2.0025, 
        0.8575, 
        2.06, 
        0.915, 
        2.1175, 
        0.9725, 
        2.175, 
        1.03, 
        2.2325, 
        1.0875, 
        2.29, 
        1.145
    ], 
    "SoftwareVersions": "syngo_MR_B17", 
    "SpacingBetweenSlices": 1.1, 
    "StationName": "BAY5OC", 
    "TaskName": "rest", 
    "TotalReadoutTime": 0.049951, 
    "TxRefAmp": 400, 
    "VendorReportedEchoSpacing": 0.00081
}